GEM
  remote: http://rubygems.org/
  specs:
    api_cache (0.2.3)
    bourbon (1.2.0)
      sass (>= 3.1)
    coffee-script (2.2.0)
      coffee-script-source
      execjs
    coffee-script-source (1.1.3)
    crack (0.3.1)
    daemons (1.1.4)
    eventmachine (0.12.10)
    execjs (1.2.11)
      multi_json (~> 1.0)
    haml (3.1.4)
    hike (1.2.1)
    httparty (0.8.1)
      multi_json
      multi_xml
    libv8 (3.3.10.4)
    mechanize (2.0.1)
      net-http-digest_auth (~> 1.1, >= 1.1.1)
      net-http-persistent (~> 1.8)
      nokogiri (~> 1.4)
      webrobots (~> 0.0, >= 0.0.9)
    mime-types (1.17.2)
    multi_json (1.0.4)
    multi_xml (0.4.1)
    net-http-digest_auth (1.2)
    net-http-persistent (1.9)
    nokogiri (1.5.0)
    octopi (0.4.5)
      api_cache
      httparty (>= 0.4.5)
      mechanize (>= 0.9.3)
      nokogiri (>= 1.3.1)
    rack (1.3.5)
    rack-protection (1.1.4)
      rack
    rest-client (1.6.7)
      mime-types (>= 1.16)
    sass (3.1.11)
    sinatra (1.3.1)
      rack (~> 1.3, >= 1.3.4)
      rack-protection (~> 1.1, >= 1.1.2)
      tilt (~> 1.3, >= 1.3.3)
    sinatra-content-for (0.2)
      sinatra
    sprockets (2.1.2)
      hike (~> 1.2)
      rack (~> 1.0)
      tilt (~> 1.1, != 1.3.0)
    spruce (0.0.2)
      rest-client (>= 1.6.0)
      yajl-ruby (>= 0.7.7)
    swish (0.8.1)
      crack (>= 0.1.8)
      httparty (>= 0.6.1)
    therubyracer (0.9.9)
      libv8 (~> 3.3.10)
    thin (1.3.1)
      daemons (>= 1.0.9)
      eventmachine (>= 0.12.6)
      rack (>= 1.0.0)
    tilt (1.3.3)
    webrobots (0.0.12)
      nokogiri (>= 1.4.4)
    yajl-ruby (1.1.0)

PLATFORMS
  ruby

DEPENDENCIES
  bourbon
  coffee-script
  execjs
  haml
  httparty
  octopi
  sass
  sinatra
  sinatra-content-for
  sprockets
  spruce
  swish
  therubyracer
  thin
