GEM
  remote: http://rubygems.org/
  specs:
    bourbon (0.2.1)
      sass (>= 3.1)
    chunky_png (1.2.5)
    coffee-script (2.2.0)
      coffee-script-source
      execjs
    coffee-script-source (1.1.2)
    compass (0.11.5)
      chunky_png (~> 1.2)
      fssm (>= 0.2.7)
      sass (~> 3.1)
    compass-scalablegs-plugin (0.0.2)
      compass (>= 0.10.0)
    crack (0.1.8)
    execjs (1.2.4)
      multi_json (~> 1.0)
    fssm (0.2.7)
    haml (3.1.2)
    hike (1.2.1)
    httparty (0.7.8)
      crack (= 0.1.8)
    libv8 (3.3.10.2)
    mime-types (1.16)
    multi_json (1.0.3)
    rack (1.2.3)
    rest-client (1.6.7)
      mime-types (>= 1.16)
    sass (3.1.7)
    sinatra (1.2.6)
      rack (~> 1.1)
      tilt (< 2.0, >= 1.2.2)
    sprockets (2.0.0)
      hike (~> 1.2)
      rack (~> 1.0)
      tilt (!= 1.3.0, ~> 1.1)
    spruce (0.0.2)
      rest-client (>= 1.6.0)
      yajl-ruby (>= 0.7.7)
    swish (0.8.0)
    therubyracer (0.9.4)
      libv8 (~> 3.3.10)
    tilt (1.3.3)
    yajl-ruby (0.8.3)

PLATFORMS
  ruby

DEPENDENCIES
  bourbon
  coffee-script
  compass-scalablegs-plugin
  execjs
  haml
  httparty
  sass
  sinatra
  sprockets
  spruce
  swish
  therubyracer
